PATH
  remote: ..
  specs:
    openapi_first (0.6.1)
      json_schemer (~> 0.2)
      multi_json (~> 1.13)
      oas_parser (~> 0.19)
      rack (~> 2)

GEM
  remote: https://rubygems.org/
  specs:
    activesupport (5.2.3)
      concurrent-ruby (~> 1.0, >= 1.0.2)
      i18n (>= 0.7, < 2)
      minitest (~> 5.1)
      tzinfo (~> 1.1)
    addressable (2.6.0)
      public_suffix (>= 2.0.2, < 4.0)
    benchmark-ips (2.7.2)
    builder (3.2.3)
    concurrent-ruby (1.1.5)
    deep_merge (1.2.1)
    ecma-re-validator (0.2.0)
      regexp_parser (~> 1.2)
    hana (1.3.5)
    hansi (0.2.0)
    i18n (1.6.0)
      concurrent-ruby (~> 1.0)
    json_schemer (0.2.0)
      ecma-re-validator (~> 0.2.0)
      hana (~> 1.3.3)
      regexp_parser (~> 1.2.0)
      uri_template (~> 0.7.0)
    mini_portile2 (2.4.0)
    minitest (5.11.3)
    multi_json (1.13.1)
    mustermann (1.0.3)
    mustermann-contrib (1.0.3)
      hansi (~> 0.2.0)
      mustermann (= 1.0.3)
    nokogiri (1.10.3)
      mini_portile2 (~> 2.4.0)
    oas_parser (0.19.0)
      activesupport (>= 4.0.0)
      addressable (~> 2.3)
      builder (~> 3.2.3)
      deep_merge (~> 1.2.1)
      mustermann-contrib (~> 1.0.3s)
      nokogiri
    public_suffix (3.1.1)
    rack (2.0.7)
    rack-protection (2.0.5)
      rack
    regexp_parser (1.2.0)
    seg (1.2.0)
    sinatra (2.0.5)
      mustermann (~> 1.0)
      rack (~> 2.0)
      rack-protection (= 2.0.5)
      tilt (~> 2.0)
    syro (3.1.1)
      rack (>= 1.6.0)
      seg
    thread_safe (0.3.6)
    tilt (2.0.9)
    tzinfo (1.2.5)
      thread_safe (~> 0.1)
    uri_template (0.7.0)

PLATFORMS
  ruby

DEPENDENCIES
  benchmark-ips
  multi_json
  openapi_first!
  sinatra
  syro

BUNDLED WITH
   2.0.1
